PATH
  remote: .
  specs:
    transformer (0.1.0)

GEM
  remote: https://rubygems.org/
  specs:
    activemodel (6.0.2.2)
      activesupport (= 6.0.2.2)
    activesupport (6.0.2.2)
      concurrent-ruby (~> 1.0, >= 1.0.2)
      i18n (>= 0.7, < 2)
      minitest (~> 5.1)
      tzinfo (~> 1.1)
      zeitwerk (~> 2.2)
    ast (2.4.0)
    awesome_print (1.8.0)
    byebug (11.1.1)
    chronic (0.10.2)
    coderay (1.1.2)
    concurrent-ruby (1.1.6)
    diff-lcs (1.3)
    ffi (1.12.2)
    formatador (0.2.5)
    guard (2.16.2)
      formatador (>= 0.2.4)
      listen (>= 2.7, < 4.0)
      lumberjack (>= 1.0.12, < 2.0)
      nenv (~> 0.1)
      notiffany (~> 0.0)
      pry (>= 0.9.12)
      shellany (~> 0.0)
      thor (>= 0.18.1)
    guard-bundler (3.0.0)
      bundler (>= 2.1, < 3)
      guard (~> 2.2)
      guard-compat (~> 1.1)
    guard-compat (1.2.1)
    guard-markdown (0.2.0)
      guard (>= 0.2.2)
      kramdown (~> 0.13.3)
    guard-rspec (4.7.3)
      guard (~> 2.1)
      guard-compat (~> 1.1)
      rspec (>= 2.99.0, < 4.0)
    guard-rubocop (1.3.0)
      guard (~> 2.0)
      rubocop (~> 0.20)
    i18n (1.8.2)
      concurrent-ruby (~> 1.0)
    jaro_winkler (1.5.4)
    jsonpath (1.0.5)
      multi_json
      to_regexp (~> 0.2.1)
    kramdown (0.13.8)
    listen (3.2.1)
      rb-fsevent (~> 0.10, >= 0.10.3)
      rb-inotify (~> 0.9, >= 0.9.10)
    lumberjack (1.2.4)
    memery (1.3.0)
      ruby2_keywords (~> 0.0.2)
    method_source (1.0.0)
    minitest (5.14.0)
    multi_json (1.14.1)
    nenv (0.3.0)
    notiffany (0.1.3)
      nenv (~> 0.1)
      shellany (~> 0.0)
    parallel (1.19.1)
    parser (2.7.1.0)
      ast (~> 2.4.0)
    pry (0.13.0)
      coderay (~> 1.1)
      method_source (~> 1.0)
    rainbow (3.0.0)
    rake (12.3.3)
    rb-fsevent (0.10.3)
    rb-inotify (0.10.1)
      ffi (~> 1.0)
    rexml (3.2.4)
    rspec (3.9.0)
      rspec-core (~> 3.9.0)
      rspec-expectations (~> 3.9.0)
      rspec-mocks (~> 3.9.0)
    rspec-core (3.9.1)
      rspec-support (~> 3.9.1)
    rspec-expectations (3.9.1)
      diff-lcs (>= 1.2.0, < 2.0)
      rspec-support (~> 3.9.0)
    rspec-mocks (3.9.1)
      diff-lcs (>= 1.2.0, < 2.0)
      rspec-support (~> 3.9.0)
    rspec-support (3.9.2)
    rubocop (0.81.0)
      jaro_winkler (~> 1.5.1)
      parallel (~> 1.10)
      parser (>= 2.7.0.1)
      rainbow (>= 2.2.2, < 4.0)
      rexml
      ruby-progressbar (~> 1.7)
      unicode-display_width (>= 1.4.0, < 2.0)
    rubocop-faker (1.0.0)
      rubocop (>= 0.74)
    rubocop-ordered_methods (0.6)
      rubocop (>= 0.60)
    rubocop-performance (1.5.2)
      rubocop (>= 0.71.0)
    rubocop-rspec (1.38.1)
      rubocop (>= 0.68.1)
    rubocop-thread_safety (0.3.4)
      rubocop (>= 0.51.0)
    ruby-progressbar (1.10.1)
    ruby2_keywords (0.0.2)
    shellany (0.0.1)
    thor (1.0.1)
    thread_safe (0.3.6)
    to_regexp (0.2.1)
    trollop (2.9.10)
    tzinfo (1.2.7)
      thread_safe (~> 0.1)
    unicode-display_width (1.7.0)
    yamllint (0.0.9)
      trollop (~> 2)
    zeitwerk (2.3.0)

PLATFORMS
  ruby

DEPENDENCIES
  activemodel
  activesupport
  awesome_print
  byebug
  chronic
  guard
  guard-bundler
  guard-markdown
  guard-rspec
  guard-rubocop
  jsonpath
  memery
  rake (~> 12.0)
  rspec (~> 3.0)
  rubocop
  rubocop-faker
  rubocop-ordered_methods
  rubocop-performance
  rubocop-rspec
  rubocop-thread_safety
  transformer!
  yamllint
  zeitwerk

BUNDLED WITH
   2.1.4
